PATH
  remote: .
  specs:
    restfully (0.8.7)
      addressable
      backports
      json (~> 1.5)
      rack-cache
      rest-client (~> 1.6)
      rest-client-components

GEM
  remote: http://rubygems.org/
  specs:
    ZenTest (4.4.2)
    addressable (2.2.4)
    autotest (4.4.6)
      ZenTest (>= 4.4.1)
    autotest-growl (0.2.9)
    backports (1.18.2)
    crack (0.1.8)
    diff-lcs (1.1.2)
    json (1.5.1)
    libxml-ruby (2.0.2)
    mime-types (1.16)
    rack (1.2.1)
    rack-cache (1.0)
      rack (>= 0.4)
    rake (0.8.7)
    rest-client (1.6.1)
      mime-types (>= 1.16)
    rest-client-components (1.2.0)
      rack (>= 1.0.1)
      rest-client (< 1.7.0, >= 1.6.0)
    rspec (2.5.0)
      rspec-core (~> 2.5.0)
      rspec-expectations (~> 2.5.0)
      rspec-mocks (~> 2.5.0)
    rspec-core (2.5.1)
    rspec-expectations (2.5.0)
      diff-lcs (~> 1.1.2)
    rspec-mocks (2.5.0)
    webmock (1.6.2)
      addressable (>= 2.2.2)
      crack (>= 0.1.7)

PLATFORMS
  ruby

DEPENDENCIES
  autotest
  autotest-growl
  libxml-ruby
  rake (~> 0.8)
  restfully!
  rspec (~> 2)
  webmock
